GIT
  remote: git://github.com/odorcicd/authlogic.git
  revision: a087ad0cba3c165ba22fcf176c28b6f7517931e8
  branch: rails3
  specs:
    authlogic (2.1.3)
      activesupport

GEM
  remote: http://rubygems.org/
  specs:
    abstract (1.0.0)
    actionmailer (3.0.3)
      actionpack (= 3.0.3)
      mail (~> 2.2.9)
    actionpack (3.0.3)
      activemodel (= 3.0.3)
      activesupport (= 3.0.3)
      builder (~> 2.1.2)
      erubis (~> 2.6.6)
      i18n (~> 0.4)
      rack (~> 1.2.1)
      rack-mount (~> 0.6.13)
      rack-test (~> 0.5.6)
      tzinfo (~> 0.3.23)
    activemodel (3.0.3)
      activesupport (= 3.0.3)
      builder (~> 2.1.2)
      i18n (~> 0.4)
    activerecord (3.0.3)
      activemodel (= 3.0.3)
      activesupport (= 3.0.3)
      arel (~> 2.0.2)
      tzinfo (~> 0.3.23)
    activeresource (3.0.3)
      activemodel (= 3.0.3)
      activesupport (= 3.0.3)
    activesupport (3.0.3)
    addressable (2.2.2)
    arel (2.0.6)
    aws-s3 (0.6.2)
      builder
      mime-types
      xml-simple
    builder (2.1.2)
    closure-compiler (0.3.3)
    dalli (1.0.0)
    diff-lcs (1.1.2)
    dynamic_form (1.1.3)
    erubis (2.6.6)
      abstract (>= 1.0.0)
    faraday (0.5.3)
      addressable (~> 2.2.2)
      multipart-post (~> 1.0.1)
      rack (>= 1.1.0, < 2)
    file-utils (0.1.1)
    haml (3.0.25)
    hoptoad_notifier (2.3.12)
      activesupport
      builder
    hpricot (0.8.3)
    i18n (0.5.0)
    jammit (0.5.4)
      closure-compiler (>= 0.1.0)
      yui-compressor (>= 0.9.1)
    little-plugger (1.1.2)
    logging (1.4.3)
      little-plugger (>= 1.1.2)
    mail (2.2.12)
      activesupport (>= 2.3.6)
      i18n (>= 0.4.0)
      mime-types (~> 1.16)
      treetop (~> 1.4.8)
    mechanize (1.0.0)
      nokogiri (>= 1.2.1)
    mime-types (1.16)
    multi_json (0.0.5)
    multipart-post (1.0.1)
    mysql (2.8.1)
    net-ldap (0.1.1)
    newrelic_rpm (2.13.4)
    nokogiri (1.4.4)
    oa-basic (0.1.6)
      multi_json (~> 0.0.2)
      nokogiri (~> 1.4.2)
      oa-core (= 0.1.6)
      rest-client (~> 1.6.0)
    oa-core (0.1.6)
      rack (~> 1.1)
    oa-enterprise (0.1.6)
      net-ldap (~> 0.1.1)
      nokogiri (~> 1.4.2)
      oa-core (= 0.1.6)
      pyu-ruby-sasl (~> 0.0.3.1)
      rubyntlm (~> 0.1.1)
    oa-oauth (0.1.6)
      multi_json (~> 0.0.2)
      nokogiri (~> 1.4.2)
      oa-core (= 0.1.6)
      oauth (~> 0.4.0)
      oauth2 (~> 0.1.0)
    oa-openid (0.1.6)
      oa-core (= 0.1.6)
      rack-openid (~> 1.2.0)
      ruby-openid-apps-discovery
    oauth (0.4.4)
    oauth2 (0.1.0)
      faraday (~> 0.5.0)
      multi_json (~> 0.0.4)
    omniauth (0.1.6)
      oa-basic (= 0.1.6)
      oa-core (= 0.1.6)
      oa-enterprise (= 0.1.6)
      oa-oauth (= 0.1.6)
      oa-openid (= 0.1.6)
    pacecar (1.4.4)
    paperclip (2.3.8)
      activerecord
      activesupport
    polyglot (0.3.1)
    pyu-ruby-sasl (0.0.3.2)
    rack (1.2.1)
    rack-mount (0.6.13)
      rack (>= 1.0.0)
    rack-openid (1.2.0)
      rack (>= 1.1.0)
      ruby-openid (>= 2.1.8)
    rack-test (0.5.6)
      rack (>= 1.0)
    rails (3.0.3)
      actionmailer (= 3.0.3)
      actionpack (= 3.0.3)
      activerecord (= 3.0.3)
      activeresource (= 3.0.3)
      activesupport (= 3.0.3)
      bundler (~> 1.0)
      railties (= 3.0.3)
    railties (3.0.3)
      actionpack (= 3.0.3)
      activesupport (= 3.0.3)
      rake (>= 0.8.7)
      thor (~> 0.14.4)
    rake (0.8.7)
    rest-client (1.6.1)
      mime-types (>= 1.16)
    rspec (2.4.0)
      rspec-core (~> 2.4.0)
      rspec-expectations (~> 2.4.0)
      rspec-mocks (~> 2.4.0)
    rspec-core (2.4.0)
    rspec-expectations (2.4.0)
      diff-lcs (~> 1.1.2)
    rspec-mocks (2.4.0)
    rspec-rails (2.4.1)
      actionpack (~> 3.0)
      activesupport (~> 3.0)
      railties (~> 3.0)
      rspec (~> 2.4.0)
    ruby-openid (2.1.8)
    ruby-openid-apps-discovery (1.2.0)
      ruby-openid (>= 2.1.7)
    rubyntlm (0.1.1)
    sqlite3-ruby (1.3.2)
    thor (0.14.6)
    treetop (1.4.9)
      polyglot (>= 0.3.1)
    tzinfo (0.3.23)
    will_paginate (3.0.pre2)
    xml-simple (1.0.12)
    yui-compressor (0.9.1)
    zip (2.0.2)

PLATFORMS
  ruby

DEPENDENCIES
  authlogic!
  aws-s3
  bundler
  dalli
  dynamic_form
  file-utils
  haml
  hoptoad_notifier
  hpricot
  jammit
  logging
  mechanize
  mysql
  newrelic_rpm
  nokogiri
  omniauth
  pacecar
  paperclip
  rails (~> 3.0)
  rspec (~> 2.4)
  rspec-rails (~> 2.4)
  ruby-openid
  sqlite3-ruby
  will_paginate (= 3.0.pre2)
  zip
