GIT
  remote: git://github.com/aaronbrethorst/formtastic-bootstrap
  revision: 1479de5bb04a811e7ba0b38f7aa194e074b3e1c3
  specs:
    formtastic-bootstrap (1.1.0)
      formtastic
      rails (>= 3.1.0)

GIT
  remote: git://github.com/bmabey/database_cleaner.git
  revision: e48e3d4be4b77f5394ba313331779876c7ae6d03
  specs:
    database_cleaner (0.7.1)

GIT
  remote: git://github.com/jewilmeer/tvdb_party.git
  revision: 0101c9c1686d3901c0970dee080966f75ea3588c
  specs:
    tvdb_party (0.6.0)
      httparty (>= 0.6.1)

GEM
  remote: http://rubygems.org/
  specs:
    actionmailer (3.2.3)
      actionpack (= 3.2.3)
      mail (~> 2.4.4)
    actionpack (3.2.3)
      activemodel (= 3.2.3)
      activesupport (= 3.2.3)
      builder (~> 3.0.0)
      erubis (~> 2.7.0)
      journey (~> 1.0.1)
      rack (~> 1.4.0)
      rack-cache (~> 1.2)
      rack-test (~> 0.6.1)
      sprockets (~> 2.1.2)
    activemodel (3.2.3)
      activesupport (= 3.2.3)
      builder (~> 3.0.0)
    activerecord (3.2.3)
      activemodel (= 3.2.3)
      activesupport (= 3.2.3)
      arel (~> 3.0.2)
      tzinfo (~> 0.3.29)
    activeresource (3.2.3)
      activemodel (= 3.2.3)
      activesupport (= 3.2.3)
    activesupport (3.2.3)
      i18n (~> 0.6)
      multi_json (~> 1.0)
    addressable (2.2.6)
    airbrake (3.0.9)
      activesupport
      builder
    annotate (2.4.0)
    arel (3.0.2)
    authlogic (3.1.0)
      activerecord (>= 3.0.7)
      activerecord (>= 3.0.7)
    aws-sdk (1.3.2)
      httparty (~> 0.7)
      json (~> 1.4)
      nokogiri (>= 1.4.4)
      uuidtools (~> 2.1)
    builder (3.0.0)
    capybara (1.1.2)
      mime-types (>= 1.16)
      nokogiri (>= 1.3.3)
      rack (>= 1.0.0)
      rack-test (>= 0.5.4)
      selenium-webdriver (~> 2.0)
      xpath (~> 0.1.4)
    childprocess (0.3.0)
      ffi (~> 1.0.6)
    cocaine (0.2.1)
    coffee-rails (3.2.1)
      coffee-script (>= 2.2.0)
      railties (~> 3.2.0.beta)
    coffee-script (2.2.0)
      coffee-script-source
      execjs
    coffee-script-source (1.2.0)
    cucumber (1.1.4)
      builder (>= 2.1.2)
      diff-lcs (>= 1.1.2)
      gherkin (~> 2.7.1)
      json (>= 1.4.6)
      term-ansicolor (>= 1.0.6)
    cucumber-rails (1.2.1)
      capybara (>= 1.1.2)
      cucumber (>= 1.1.3)
      nokogiri (>= 1.5.0)
    dalli (1.1.4)
    diff-lcs (1.1.3)
    erubis (2.7.0)
    execjs (1.3.0)
      multi_json (~> 1.0)
    factory_girl (2.4.2)
      activesupport
    factory_girl_rails (1.5.0)
      factory_girl (~> 2.4.0)
      railties (>= 3.0.0)
    fattr (2.2.0)
    ffi (1.0.11)
    formtastic (2.0.2)
      rails (~> 3.0)
    gherkin (2.7.3)
      json (>= 1.4.6)
    guard (1.0.0)
      ffi (>= 0.5.0)
      thor (~> 0.14.6)
    guard-cucumber (0.7.5)
      cucumber (>= 0.10)
      guard (>= 0.8.3)
    guard-rspec (0.6.0)
      guard (>= 0.10.0)
    haml (3.1.4)
    heroku (2.18.1)
      launchy (>= 0.3.2)
      rest-client (~> 1.6.1)
      rubyzip
      term-ansicolor (~> 1.0.5)
    highline (1.6.9)
    hike (1.2.1)
    httparty (0.8.1)
      multi_json
      multi_xml
    i18n (0.6.0)
    journey (1.0.3)
    jquery-rails (2.0.0)
      railties (>= 3.2.0.beta, < 5.0)
      thor (~> 0.14)
    json (1.7.1)
    kgio (2.7.2)
    launchy (2.0.5)
      addressable (~> 2.2.6)
    mail (2.4.4)
      i18n (>= 0.4.0)
      mime-types (~> 1.16)
      treetop (~> 1.4.8)
    mechanize (2.0.1)
      net-http-digest_auth (~> 1.1, >= 1.1.1)
      net-http-persistent (~> 1.8)
      nokogiri (~> 1.4)
      webrobots (~> 0.0, >= 0.0.9)
    mime-types (1.18)
    multi_json (1.0.4)
    multi_xml (0.4.1)
    mysql2 (0.3.11)
    net-http-digest_auth (1.2)
    net-http-persistent (1.9)
    newrelic_rpm (3.3.1)
    nokogiri (1.5.0)
    options (2.3.0)
      fattr
    pacecar (1.5.3)
    paperclip (2.5.0)
      activerecord (>= 2.3.0)
      activesupport (>= 2.3.2)
      cocaine (>= 0.0.2)
      mime-types
    pg (0.12.2)
    pickle (0.4.10)
      cucumber (>= 0.8)
      rake
    polyglot (0.3.3)
    progress_bar (0.4.0)
      highline (~> 1.6.1)
      options (~> 2.3.0)
    rack (1.4.1)
    rack-cache (1.2)
      rack (>= 0.4)
    rack-ssl (1.3.2)
      rack
    rack-test (0.6.1)
      rack (>= 1.0)
    rails (3.2.3)
      actionmailer (= 3.2.3)
      actionpack (= 3.2.3)
      activerecord (= 3.2.3)
      activeresource (= 3.2.3)
      activesupport (= 3.2.3)
      bundler (~> 1.0)
      railties (= 3.2.3)
    railties (3.2.3)
      actionpack (= 3.2.3)
      activesupport (= 3.2.3)
      rack-ssl (~> 1.3.2)
      rake (>= 0.8.7)
      rdoc (~> 3.4)
      thor (~> 0.14.6)
    raindrops (0.8.0)
    rake (0.9.2.2)
    rb-fsevent (0.9.1)
    rdoc (3.12)
      json (~> 1.4)
    reek (1.2.8)
      ruby2ruby (~> 1.2)
      ruby_parser (~> 2.0)
      sexp_processor (~> 3.0)
    rest-client (1.6.7)
      mime-types (>= 1.16)
    rspec (2.8.0)
      rspec-core (~> 2.8.0)
      rspec-expectations (~> 2.8.0)
      rspec-mocks (~> 2.8.0)
    rspec-core (2.8.0)
    rspec-expectations (2.8.0)
      diff-lcs (~> 1.1.2)
    rspec-instafail (0.2.2)
    rspec-mocks (2.8.0)
    rspec-rails (2.8.1)
      actionpack (>= 3.0)
      activesupport (>= 3.0)
      railties (>= 3.0)
      rspec (~> 2.8.0)
    ruby2ruby (1.3.1)
      ruby_parser (~> 2.0)
      sexp_processor (~> 3.0)
    ruby_parser (2.3.1)
      sexp_processor (~> 3.0)
    rubyzip (0.9.5)
    sass (3.1.12)
    sass-rails (3.2.3)
      railties (~> 3.2.0.beta)
      sass (>= 3.1.10)
      tilt (~> 1.3)
    selenium-webdriver (2.17.0)
      childprocess (>= 0.2.5)
      ffi (~> 1.0.9)
      multi_json (~> 1.0.4)
      rubyzip
    sequel (3.20.0)
    sexp_processor (3.0.10)
    shoulda-matchers (1.0.0)
    simplecov (0.5.4)
      multi_json (~> 1.0.3)
      simplecov-html (~> 0.5.3)
    simplecov-html (0.5.3)
    sinatra (1.0)
      rack (>= 1.0)
    sprockets (2.1.3)
      hike (~> 1.2)
      rack (~> 1.0)
      tilt (~> 1.1, != 1.3.0)
    sqlite3 (1.3.5)
    sqlite3-ruby (1.3.3)
      sqlite3 (>= 1.3.3)
    taps (0.3.23)
      rack (>= 1.0.1)
      rest-client (>= 1.4.0, < 1.7.0)
      sequel (~> 3.20.0)
      sinatra (~> 1.0.0)
      sqlite3-ruby (~> 1.2)
    term-ansicolor (1.0.7)
    thor (0.14.6)
    tilt (1.3.3)
    treetop (1.4.10)
      polyglot
      polyglot (>= 0.3.1)
    tzinfo (0.3.33)
    uglifier (1.2.2)
      execjs (>= 0.3.0)
      multi_json (>= 1.0.2)
    unicorn (4.1.1)
      kgio (~> 2.4)
      rack
      raindrops (~> 0.6)
    user-agent (1.0.0)
    uuidtools (2.1.2)
    webrobots (0.0.12)
      nokogiri (>= 1.4.4)
    xpath (0.1.4)
      nokogiri (~> 1.3)

PLATFORMS
  ruby

DEPENDENCIES
  airbrake
  annotate
  authlogic
  aws-sdk
  coffee-rails
  cucumber-rails
  dalli
  database_cleaner!
  factory_girl_rails
  formtastic-bootstrap!
  guard
  guard-cucumber
  guard-rspec
  haml
  heroku
  jquery-rails
  mail
  mechanize (~> 2.0.1)
  mysql2
  newrelic_rpm
  pacecar
  paperclip
  pg
  pickle
  progress_bar
  rails (~> 3.2.0)
  rb-fsevent
  reek
  rspec-instafail
  rspec-rails
  sass-rails
  shoulda-matchers
  simplecov
  taps
  tvdb_party!
  uglifier
  unicorn
  user-agent
