GIT
  remote: git://github.com/dwalters/paperclip.git
  revision: c285292
  branch: rails3
  specs:
    paperclip (2.3.1.1)

GIT
  remote: git://github.com/odorcicd/authlogic.git
  revision: a087ad0
  branch: rails3
  specs:
    authlogic (2.1.3)
      activesupport

GIT
  remote: git://github.com/rspec/rspec-rails.git
  revision: d92e8b0
  branch: v2.0.0.beta.8
  specs:
    rspec-rails (2.0.0.beta.7)
      rspec (= 2.0.0.beta.7)
      webrat (>= 0.7.0)

GIT
  remote: git://github.com/rspec/rspec.git
  revision: 860e4a0
  branch: v2.0.0.beta.8
  specs:
    rspec (2.0.0.beta.7)
      rspec-core (= 2.0.0.beta.7)
      rspec-expectations (= 2.0.0.beta.7)
      rspec-mocks (= 2.0.0.beta.7)

GIT
  remote: git://github.com/thoughtbot/pacecar.git
  revision: beba277
  branch: rails3
  specs:
    pacecar (1.2.0)

GIT
  remote: http://github.com/mislav/will_paginate.git
  revision: 3615938
  branch: rails3
  specs:
    will_paginate (3.0.pre2)

GEM
  remote: http://rubygems.org/
  specs:
    ZenTest (4.4.0)
    abstract (1.0.0)
    actionmailer (3.0.0)
      actionpack (= 3.0.0)
      mail (~> 2.2.5)
    actionpack (3.0.0)
      activemodel (= 3.0.0)
      activesupport (= 3.0.0)
      builder (~> 2.1.2)
      erubis (~> 2.6.6)
      i18n (~> 0.4.1)
      rack (~> 1.2.1)
      rack-mount (~> 0.6.12)
      rack-test (~> 0.5.4)
      tzinfo (~> 0.3.23)
    activemodel (3.0.0)
      activesupport (= 3.0.0)
      builder (~> 2.1.2)
      i18n (~> 0.4.1)
    activerecord (3.0.0)
      activemodel (= 3.0.0)
      activesupport (= 3.0.0)
      arel (~> 1.0.0)
      tzinfo (~> 0.3.23)
    activeresource (3.0.0)
      activemodel (= 3.0.0)
      activesupport (= 3.0.0)
    activesupport (3.0.0)
    arel (1.0.1)
      activesupport (~> 3.0.0)
    autotest (4.3.2)
    autotest-rails (4.1.0)
      ZenTest
    aws-s3 (0.6.2)
      builder
      mime-types
      xml-simple
    builder (2.1.2)
    cucumber (0.8.5)
      builder (~> 2.1.2)
      diff-lcs (~> 1.1.2)
      gherkin (~> 2.1.4)
      json_pure (~> 1.4.3)
      term-ansicolor (~> 1.0.4)
    cucumber-rails (0.3.2)
      cucumber (>= 0.8.0)
    diff-lcs (1.1.2)
    dynamic_form (1.1.3)
    erubis (2.6.6)
      abstract (>= 1.0.0)
    factory_girl (1.3.2)
    file-utils (0.1.1)
    gherkin (2.1.5)
      trollop (~> 1.16.2)
    haml (3.0.18)
    hoptoad_notifier (2.3.6)
      activesupport
    hpricot (0.8.2)
    i18n (0.4.1)
    json_pure (1.4.6)
    little-plugger (1.1.2)
    logging (1.4.3)
      little-plugger (>= 1.1.2)
    mail (2.2.5)
      activesupport (>= 2.3.6)
      mime-types
      treetop (>= 1.4.5)
    mechanize (1.0.0)
      nokogiri (>= 1.2.1)
    mime-types (1.16)
    mysql (2.8.1)
    nokogiri (1.4.1)
    polyglot (0.3.1)
    rack (1.2.1)
    rack-mount (0.6.13)
      rack (>= 1.0.0)
    rack-test (0.5.4)
      rack (>= 1.0)
    rails (3.0.0)
      actionmailer (= 3.0.0)
      actionpack (= 3.0.0)
      activerecord (= 3.0.0)
      activeresource (= 3.0.0)
      activesupport (= 3.0.0)
      bundler (~> 1.0.0)
      railties (= 3.0.0)
    rails3-generators (0.13.0)
    railties (3.0.0)
      actionpack (= 3.0.0)
      activesupport (= 3.0.0)
      rake (>= 0.8.4)
      thor (~> 0.14.0)
    rake (0.8.7)
    rspec-core (2.0.0.beta.7)
    rspec-expectations (2.0.0.beta.7)
    rspec-mocks (2.0.0.beta.7)
    sqlite3-ruby (1.3.1)
    term-ansicolor (1.0.5)
    thor (0.14.0)
    treetop (1.4.8)
      polyglot (>= 0.3.1)
    trollop (1.16.2)
    tzinfo (0.3.23)
    webrat (0.7.1)
      nokogiri (>= 1.2.0)
      rack (>= 1.0)
      rack-test (>= 0.5.3)
    xml-simple (1.0.12)
    zip (2.0.2)

PLATFORMS
  ruby

DEPENDENCIES
  authlogic!
  autotest
  autotest-rails
  aws-s3
  bundler
  cucumber
  cucumber-rails
  dynamic_form
  factory_girl
  file-utils
  haml
  hoptoad_notifier
  hpricot
  logging
  mechanize
  mysql
  nokogiri (= 1.4.1)
  pacecar!
  paperclip!
  rails (= 3.0.0)
  rails3-generators
  rspec!
  rspec-rails!
  sqlite3-ruby
  webrat
  will_paginate!
  zip
