GIT
  remote: git://github.com/jewilmeer/tvdb_party.git
  revision: a8daa3ea0bfca91f1c6c0ff2168c665bf6a6a2be
  specs:
    tvdb_party (0.6.0)
      httparty (>= 0.6.1)

GEM
  remote: http://rubygems.org/
  specs:
    actionmailer (3.2.13)
      actionpack (= 3.2.13)
      mail (~> 2.5.3)
    actionpack (3.2.13)
      activemodel (= 3.2.13)
      activesupport (= 3.2.13)
      builder (~> 3.0.0)
      erubis (~> 2.7.0)
      journey (~> 1.0.4)
      rack (~> 1.4.5)
      rack-cache (~> 1.2)
      rack-test (~> 0.6.1)
      sprockets (~> 2.2.1)
    activemodel (3.2.13)
      activesupport (= 3.2.13)
      builder (~> 3.0.0)
    activerecord (3.2.13)
      activemodel (= 3.2.13)
      activesupport (= 3.2.13)
      arel (~> 3.0.2)
      tzinfo (~> 0.3.29)
    activeresource (3.2.13)
      activemodel (= 3.2.13)
      activesupport (= 3.2.13)
    activesupport (3.2.13)
      i18n (= 0.6.1)
      multi_json (~> 1.0)
    addressable (2.3.3)
    annotate (2.5.0)
      rake
    arel (3.0.2)
    aws-sdk (1.3.9)
      httparty (~> 0.7)
      json (~> 1.4)
      nokogiri (>= 1.4.4)
      uuidtools (~> 2.1)
    bcrypt-ruby (3.0.1)
    bootstrap-sass (2.3.1.0)
      sass (~> 3.2)
    bootswatch-rails (0.5.0)
      railties (>= 3.1)
    bourne (1.4.0)
      mocha (~> 0.13.2)
    builder (3.0.4)
    carrierwave (0.8.0)
      activemodel (>= 3.2.0)
      activesupport (>= 3.2.0)
    celluloid (0.12.4)
      facter (>= 1.6.12)
      timers (>= 1.0.0)
    chunky_png (1.2.7)
    climate_control (0.0.3)
      activesupport (>= 3.0)
    cocaine (0.5.1)
      climate_control (>= 0.0.3, < 1.0)
    coderay (1.0.9)
    coffee-rails (3.2.2)
      coffee-script (>= 2.2.0)
      railties (~> 3.2.0)
    coffee-script (2.2.0)
      coffee-script-source
      execjs
    coffee-script-source (1.6.2)
    columnize (0.3.6)
    compass (0.12.2)
      chunky_png (~> 1.2)
      fssm (>= 0.2.7)
      sass (~> 3.1)
    compass-rails (1.0.3)
      compass (>= 0.12.2, < 0.14)
    connection_pool (1.0.0)
    debugger (1.2.4)
      columnize (>= 0.3.1)
      debugger-linecache (~> 1.1.1)
      debugger-ruby_core_source (~> 1.1.7)
    debugger-linecache (1.1.2)
      debugger-ruby_core_source (>= 1.1.1)
    debugger-ruby_core_source (1.1.9)
    devise (2.2.3)
      bcrypt-ruby (~> 3.0)
      orm_adapter (~> 0.1)
      railties (~> 3.1)
      warden (~> 1.2.1)
    diff-lcs (1.2.1)
    erubis (2.7.0)
    exceptional (2.0.33)
      rack
    execjs (1.4.0)
      multi_json (~> 1.0)
    facter (1.7.0)
    factory_girl (4.2.0)
      activesupport (>= 3.0.0)
    factory_girl_rails (4.2.1)
      factory_girl (~> 4.2.0)
      railties (>= 3.0.0)
    fakeweb (1.3.0)
    fattr (2.2.1)
    font-awesome-sass-rails (3.0.2.2)
      railties (>= 3.1.1)
      sass-rails (>= 3.1.1)
    friendly_id (4.0.9)
    fssm (0.2.10)
    haml (4.0.1)
      tilt
    highline (1.6.16)
    hike (1.2.1)
    httparty (0.11.0)
      multi_json (~> 1.0)
      multi_xml (>= 0.5.2)
    i18n (0.6.1)
    journey (1.0.4)
    jquery-rails (2.2.1)
      railties (>= 3.0, < 5.0)
      thor (>= 0.14, < 2.0)
    json (1.7.7)
    kgio (2.8.0)
    launchy (2.2.0)
      addressable (~> 2.3)
    letter_opener (1.1.0)
      launchy (~> 2.2.0)
    mail (2.5.3)
      i18n (>= 0.4.0)
      mime-types (~> 1.16)
      treetop (~> 1.4.8)
    mechanize (2.0.1)
      net-http-digest_auth (~> 1.1, >= 1.1.1)
      net-http-persistent (~> 1.8)
      nokogiri (~> 1.4)
      webrobots (~> 0.0, >= 0.0.9)
    metaclass (0.0.1)
    method_source (0.8.1)
    mime-types (1.21)
    mocha (0.13.3)
      metaclass (~> 0.0.1)
    multi_json (1.7.2)
    multi_xml (0.5.3)
    net-http-digest_auth (1.2.1)
    net-http-persistent (1.9)
    newrelic_rpm (3.6.0.78)
    nokogiri (1.5.9)
    options (2.3.0)
      fattr
    orm_adapter (0.4.0)
    paperclip (3.4.1)
      activemodel (>= 3.0.0)
      activerecord (>= 3.0.0)
      activesupport (>= 3.0.0)
      cocaine (~> 0.5.0)
      mime-types
    pg (0.14.1)
    polyamorous (0.5.0)
      activerecord (~> 3.0)
    polyglot (0.3.3)
    progress_bar (1.0.0)
      highline (~> 1.6.1)
      options (~> 2.3.0)
    pry (0.9.12)
      coderay (~> 1.0.5)
      method_source (~> 0.8)
      slop (~> 3.4)
    pry-debugger (0.2.1)
      debugger (~> 1.2.0)
      pry (~> 0.9.10)
    pry-rails (0.2.2)
      pry (>= 0.9.10)
    rack (1.4.5)
    rack-cache (1.2)
      rack (>= 0.4)
    rack-protection (1.5.0)
      rack
    rack-ssl (1.3.3)
      rack
    rack-test (0.6.2)
      rack (>= 1.0)
    rails (3.2.13)
      actionmailer (= 3.2.13)
      actionpack (= 3.2.13)
      activerecord (= 3.2.13)
      activeresource (= 3.2.13)
      activesupport (= 3.2.13)
      bundler (~> 1.0)
      railties (= 3.2.13)
    railties (3.2.13)
      actionpack (= 3.2.13)
      activesupport (= 3.2.13)
      rack-ssl (~> 1.3.2)
      rake (>= 0.8.7)
      rdoc (~> 3.4)
      thor (>= 0.14.6, < 2.0)
    raindrops (0.10.0)
    rake (10.0.3)
    rdoc (3.12.2)
      json (~> 1.4)
    redis (3.0.3)
    redis-namespace (1.2.1)
      redis (~> 3.0.0)
    rspec-core (2.13.1)
    rspec-expectations (2.13.0)
      diff-lcs (>= 1.1.3, < 2.0)
    rspec-mocks (2.13.0)
    rspec-rails (2.13.0)
      actionpack (>= 3.0)
      activesupport (>= 3.0)
      railties (>= 3.0)
      rspec-core (~> 2.13.0)
      rspec-expectations (~> 2.13.0)
      rspec-mocks (~> 2.13.0)
    sass (3.2.7)
    sass-rails (3.2.6)
      railties (~> 3.2.0)
      sass (>= 3.1.10)
      tilt (~> 1.3)
    shoulda-matchers (1.5.4)
      activesupport (>= 3.0.0)
      bourne (~> 1.3)
    sidekiq (2.10.0)
      celluloid (~> 0.12.0)
      connection_pool (~> 1.0)
      i18n
      multi_json (~> 1)
      redis (~> 3)
      redis-namespace
      sinatra
      slim
    simple_form (2.1.0)
      actionpack (~> 3.0)
      activemodel (~> 3.0)
    simplecov (0.7.1)
      multi_json (~> 1.0)
      simplecov-html (~> 0.7.1)
    simplecov-html (0.7.1)
    sinatra (1.3.6)
      rack (~> 1.4)
      rack-protection (~> 1.3)
      tilt (~> 1.3, >= 1.3.3)
    slim (1.3.8)
      temple (~> 0.6.3)
      tilt (~> 1.3.3)
    slop (3.4.4)
    sprockets (2.2.2)
      hike (~> 1.2)
      multi_json (~> 1.0)
      rack (~> 1.0)
      tilt (~> 1.1, != 1.3.0)
    squeel (1.0.18)
      activerecord (~> 3.0)
      activesupport (~> 3.0)
      polyamorous (~> 0.5.0)
    temple (0.6.4)
    thor (0.17.0)
    tilt (1.3.6)
    timecop (0.6.1)
    timers (1.1.0)
    treetop (1.4.12)
      polyglot
      polyglot (>= 0.3.1)
    turbo-sprockets-rails3 (0.3.6)
      railties (> 3.2.8, < 4.0.0)
      sprockets (>= 2.0.0)
    tzinfo (0.3.37)
    uglifier (1.3.0)
      execjs (>= 0.3.0)
      multi_json (~> 1.0, >= 1.0.2)
    unicorn (4.6.2)
      kgio (~> 2.6)
      rack
      raindrops (~> 0.7)
    user-agent (1.0.0)
    uuidtools (2.1.3)
    warden (1.2.1)
      rack (>= 1.0)
    webrobots (0.1.1)
    will_paginate (3.0.4)

PLATFORMS
  ruby

DEPENDENCIES
  annotate
  aws-sdk (~> 1.3.4)
  bootstrap-sass
  bootswatch-rails
  carrierwave
  coffee-rails
  compass-rails
  devise
  exceptional
  factory_girl_rails
  fakeweb
  font-awesome-sass-rails
  friendly_id
  haml
  jquery-rails
  letter_opener
  mail
  mechanize (~> 2.0.1)
  newrelic_rpm
  paperclip (~> 3.0)
  pg
  progress_bar
  pry-debugger
  pry-rails
  rails (~> 3.2.13)
  rspec-rails
  sass-rails
  shoulda-matchers
  sidekiq
  simple_form
  simplecov
  sinatra (>= 1.3.0)
  slim
  squeel
  timecop
  turbo-sprockets-rails3
  tvdb_party!
  uglifier
  unicorn
  user-agent
  will_paginate
