GIT
  remote: git://github.com/odorcicd/authlogic.git
  revision: a087ad0
  branch: rails3
  specs:
    authlogic (2.1.3)
      activesupport

GIT
  remote: git://github.com/rspec/rspec-rails.git
  revision: d92e8b0
  branch: v2.0.0.beta.8
  specs:
    rspec-rails (2.0.0.beta.7)
      rspec (= 2.0.0.beta.7)
      webrat (>= 0.7.0)

GIT
  remote: git://github.com/rspec/rspec.git
  revision: 860e4a0
  branch: v2.0.0.beta.8
  specs:
    rspec (2.0.0.beta.7)
      rspec-core (= 2.0.0.beta.7)
      rspec-expectations (= 2.0.0.beta.7)
      rspec-mocks (= 2.0.0.beta.7)

GIT
  remote: git://github.com/thoughtbot/pacecar.git
  revision: beba277
  branch: rails3
  specs:
    pacecar (1.2.0)

GEM
  remote: http://rubygems.org/
  specs:
    ZenTest (4.3.3)
    abstract (1.0.0)
    actionmailer (3.0.0.rc)
      actionpack (= 3.0.0.rc)
      mail (~> 2.2.5)
    actionpack (3.0.0.rc)
      activemodel (= 3.0.0.rc)
      activesupport (= 3.0.0.rc)
      builder (~> 2.1.2)
      erubis (~> 2.6.6)
      i18n (~> 0.4.1)
      rack (~> 1.2.1)
      rack-mount (~> 0.6.9)
      rack-test (~> 0.5.4)
      tzinfo (~> 0.3.22)
    activemodel (3.0.0.rc)
      activesupport (= 3.0.0.rc)
      builder (~> 2.1.2)
      i18n (~> 0.4.1)
    activerecord (3.0.0.rc)
      activemodel (= 3.0.0.rc)
      activesupport (= 3.0.0.rc)
      arel (~> 0.4.0)
      tzinfo (~> 0.3.22)
    activeresource (3.0.0.rc)
      activemodel (= 3.0.0.rc)
      activesupport (= 3.0.0.rc)
    activesupport (3.0.0.rc)
    arel (0.4.0)
      activesupport (>= 3.0.0.beta)
    autotest (4.3.2)
    autotest-rails (4.1.0)
      ZenTest
    aws-s3 (0.6.2)
      builder
      mime-types
      xml-simple
    builder (2.1.2)
    capistrano (2.5.19)
      highline
      net-scp (>= 1.0.0)
      net-sftp (>= 2.0.0)
      net-ssh (>= 2.0.14)
      net-ssh-gateway (>= 1.0.0)
    cucumber (0.8.5)
      builder (~> 2.1.2)
      diff-lcs (~> 1.1.2)
      gherkin (~> 2.1.4)
      json_pure (~> 1.4.3)
      term-ansicolor (~> 1.0.4)
    cucumber-rails (0.3.2)
      cucumber (>= 0.8.0)
    diff-lcs (1.1.2)
    dynamic_form (1.1.2)
    erubis (2.6.6)
      abstract (>= 1.0.0)
    factory_girl (1.3.1)
    file-utils (0.1.1)
    gherkin (2.1.5)
      trollop (~> 1.16.2)
    haml (3.0.15)
    highline (1.6.1)
    hpricot (0.8.2)
    i18n (0.4.1)
    json_pure (1.4.3)
    little-plugger (1.1.2)
    logging (1.4.3)
      little-plugger (>= 1.1.2)
    mail (2.2.5)
      activesupport (>= 2.3.6)
      mime-types
      treetop (>= 1.4.5)
    mechanize (1.0.0)
      nokogiri (>= 1.2.1)
    mime-types (1.16)
    net-scp (1.0.2)
      net-ssh (>= 1.99.1)
    net-sftp (2.0.4)
      net-ssh (>= 2.0.9)
    net-ssh (2.0.23)
    net-ssh-gateway (1.0.1)
      net-ssh (>= 1.99.1)
    nokogiri (1.4.1)
    polyglot (0.3.1)
    rack (1.2.1)
    rack-mount (0.6.9)
      rack (>= 1.0.0)
    rack-test (0.5.4)
      rack (>= 1.0)
    rails (3.0.0.rc)
      actionmailer (= 3.0.0.rc)
      actionpack (= 3.0.0.rc)
      activerecord (= 3.0.0.rc)
      activeresource (= 3.0.0.rc)
      activesupport (= 3.0.0.rc)
      bundler (>= 1.0.0.rc.1)
      railties (= 3.0.0.rc)
    rails3-generators (0.11.0)
    railties (3.0.0.rc)
      actionpack (= 3.0.0.rc)
      activesupport (= 3.0.0.rc)
      rake (>= 0.8.3)
      thor (~> 0.14.0)
    rake (0.8.7)
    rspec-core (2.0.0.beta.7)
    rspec-expectations (2.0.0.beta.7)
    rspec-mocks (2.0.0.beta.7)
    sanitize (1.2.1)
      nokogiri (~> 1.4.1)
    sqlite3-ruby (1.3.1)
    term-ansicolor (1.0.5)
    thor (0.14.0)
    treetop (1.4.8)
      polyglot (>= 0.3.1)
    trollop (1.16.2)
    tzinfo (0.3.22)
    webrat (0.7.1)
      nokogiri (>= 1.2.0)
      rack (>= 1.0)
      rack-test (>= 0.5.3)
    xml-simple (1.0.12)
    zip (2.0.2)

PLATFORMS
  ruby

DEPENDENCIES
  authlogic!
  autotest
  autotest-rails
  aws-s3
  bundler
  capistrano
  cucumber
  cucumber-rails
  dynamic_form
  factory_girl
  file-utils
  haml
  hpricot
  logging
  mechanize
  nokogiri (= 1.4.1)
  pacecar!
  rails (= 3.0.0.rc)
  rails3-generators
  rspec!
  rspec-rails!
  sanitize
  sqlite3-ruby
  webrat
  zip
